GIT
  remote: https://github.com/datamapper/devtools.git
  revision: f0e3a3a42673266c46b983bc79a4ab6e1623bccc
  specs:
    devtools (0.0.1)
      ice_nine (~> 0.7.0)

GIT
  remote: https://github.com/datamapper/dm-mapper.git
  revision: 0769653cc747c46557d88660e53a64b2cbb665fe
  specs:
    dm-mapper (0.0.0)
      abstract_type (~> 0.0.5)
      adamantium (~> 0.0.7)
      addressable (~> 2.3, >= 2.3.3)
      axiom (~> 0.1.0)
      axiom-optimizer (~> 0.1.0)
      backports (~> 3.0, >= 3.0.3)
      descendants_tracker (~> 0.0.1)
      equalizer (~> 0.0.5)
      inflecto (~> 0.0.2)

GIT
  remote: https://github.com/dkubb/abstract_type.git
  revision: cb4a1a670058f01be1db47dfa8997d557b0e0d91
  specs:
    abstract_type (0.0.5)
      backports (~> 3.1, >= 3.1.1)

GIT
  remote: https://github.com/dkubb/adamantium.git
  revision: 813062729f9e5d0b004b3d1105654bf64b180ba4
  specs:
    adamantium (0.0.8)
      ice_nine (~> 0.7.0)

GIT
  remote: https://github.com/dkubb/axiom-do-adapter.git
  revision: 31dced950db59b487123278e8d7d9115fb1803df
  specs:
    axiom-do-adapter (0.1.1)
      axiom (~> 0.1.0)
      axiom-sql-generator (~> 0.1.0)
      data_objects (~> 0.10.12)

GIT
  remote: https://github.com/dkubb/equalizer.git
  revision: 7b0a30dee57ed0378df6b32e5defda64adaff0da
  specs:
    equalizer (0.0.5)
      adamantium (~> 0.0.7)
      backports (~> 3.2, >= 3.2.0)

GIT
  remote: https://github.com/mbj/aequitas.git
  revision: 1d03686d162bde5ce594a36a645838846f4230b0
  specs:
    aequitas (0.0.3)
      abstract_type (~> 0.0.5)
      adamantium (~> 0.0.7)
      anima (~> 0.0.6)
      backports (~> 3.0, >= 3.0.3)
      descendants_tracker (~> 0.0.1)
      equalizer (~> 0.0.5)

GIT
  remote: https://github.com/mbj/anima.git
  revision: 9412f071b5b5a460bda5d26b75ac9bbf10ca95f1
  specs:
    anima (0.0.6)
      abstract_type (~> 0.0.4)
      adamantium (~> 0.0.6)
      backports (~> 3.0, >= 3.0.3)
      equalizer (~> 0.0.4)

GIT
  remote: https://github.com/mbj/concord.git
  revision: e90935db141b457574e87edb9c2605ebea49cbd7
  specs:
    concord (0.1.1)
      adamantium (~> 0.0.7)
      equalizer (~> 0.0.5)

GIT
  remote: https://github.com/mbj/ducktrap.git
  revision: 69e1441d9157d9353e3d59903696422a15935fe9
  specs:
    ducktrap (0.0.1)
      abstract_type (~> 0.0.5)
      adamantium (~> 0.0.7)
      addressable (~> 2.3.2)
      anima (~> 0.0.6)
      backports (~> 3.0, >= 3.0.3)
      concord (~> 0.1.1)
      equalizer (~> 0.0.5)

GIT
  remote: https://github.com/troessner/reek.git
  revision: f302390f533dd6b59f837821d63249d0c729f931
  specs:
    reek (1.3.1)
      ruby2ruby (~> 2.0.2)
      ruby_parser (~> 3.1.1)
      sexp_processor

PATH
  remote: ../substation
  specs:
    substation (0.0.7)
      abstract_type (~> 0.0.5)
      adamantium (~> 0.0.7)
      concord (~> 0.1.0)
      equalizer (~> 0.0.5)

GEM
  remote: https://rubygems.org/
  specs:
    addressable (2.3.4)
    axiom (0.1.0)
      abstract_type (~> 0.0.5)
      adamantium (~> 0.0.7)
      backports (~> 3.1, >= 3.1.1)
      descendants_tracker (~> 0.0.1)
      equalizer (~> 0.0.5)
    axiom-optimizer (0.1.0)
      axiom (~> 0.1.0)
    axiom-sql-generator (0.1.0)
      axiom (~> 0.1.0)
    backports (3.3.1)
    coderay (1.0.9)
    colorize (0.5.8)
    coveralls (0.6.7)
      colorize
      multi_json (~> 1.3)
      rest-client
      simplecov (>= 0.7)
      thor
    daemons (1.1.9)
    data_objects (0.10.13)
      addressable (~> 2.1)
    descendants_tracker (0.0.1)
    diff-lcs (1.2.4)
    do_postgres (0.10.13)
      data_objects (= 0.10.13)
    eventmachine (1.0.1)
    ffi (1.8.1)
    ffi-hunspell (0.3.0)
      ffi (~> 1.0)
    flay (2.1.0)
      ruby_parser (~> 3.0)
      sexp_processor (~> 4.0)
    flog (3.2.3)
      ruby_parser (~> 3.1, > 3.1.0)
      sexp_processor (~> 4.0)
    guard (1.6.2)
      listen (>= 0.6.0)
      lumberjack (>= 1.0.2)
      pry (>= 0.9.10)
      terminal-table (>= 1.4.3)
      thor (>= 0.14.6)
    guard-bundler (1.0.0)
      bundler (~> 1.0)
      guard (~> 1.1)
    guard-rspec (2.5.4)
      guard (>= 1.1)
      rspec (~> 2.11)
    ice_nine (0.7.0)
    inflecto (0.0.2)
    kramdown (1.0.2)
    libnotify (0.8.0)
      ffi (>= 1.0.11)
    listen (0.7.3)
    lumberjack (1.0.3)
    method_source (0.8.1)
    mime-types (1.23)
    multi_json (1.7.3)
    mustache (0.99.4)
    mutant (0.2.20)
      abstract_type (~> 0.0.3)
      adamantium (~> 0.0.7)
      backports (~> 3.0, >= 3.0.3)
      descendants_tracker (~> 0.0.1)
      diff-lcs (~> 1.2.1)
      equalizer (~> 0.0.5)
      ice_nine (~> 0.7.0)
      inflecto (~> 0.0.2)
      rspec (~> 2.13.0)
      to_source (~> 0.2.19)
    mutant-melbourne (2.0.3)
    oj (2.0.13)
    pelusa (0.2.2)
    pry (0.9.12.2)
      coderay (~> 1.0.5)
      method_source (~> 0.8)
      slop (~> 3.4)
    rack (1.5.2)
    rack-protection (1.5.0)
      rack
    rake (10.0.4)
    rb-fchange (0.0.6)
      ffi
    rb-fsevent (0.9.3)
    rb-inotify (0.9.0)
      ffi (>= 0.5.0)
    rb-notifu (0.0.4)
    rbench (0.2.3)
    rest-client (1.6.7)
      mime-types (>= 1.16)
    rspec (2.13.0)
      rspec-core (~> 2.13.0)
      rspec-expectations (~> 2.13.0)
      rspec-mocks (~> 2.13.0)
    rspec-core (2.13.1)
    rspec-expectations (2.13.0)
      diff-lcs (>= 1.1.3, < 2.0)
    rspec-mocks (2.13.1)
    ruby2ruby (2.0.5)
      ruby_parser (~> 3.1)
      sexp_processor (~> 4.0)
    ruby_parser (3.1.3)
      sexp_processor (~> 4.1)
    sexp_processor (4.2.1)
    simplecov (0.7.1)
      multi_json (~> 1.0)
      simplecov-html (~> 0.7.1)
    simplecov-html (0.7.1)
    sinatra (1.4.2)
      rack (~> 1.5, >= 1.5.2)
      rack-protection (~> 1.4)
      tilt (~> 1.3, >= 1.3.4)
    slop (3.4.5)
    terminal-notifier-guard (1.5.3)
    terminal-table (1.4.5)
    thin (1.5.0)
      daemons (>= 1.0.9)
      eventmachine (>= 0.12.6)
      rack (>= 1.0.0)
    thor (0.18.1)
    tilt (1.4.1)
    to_source (0.2.20)
      abstract_type (~> 0.0.5)
      adamantium (~> 0.0.7)
      equalizer (~> 0.0.5)
      mutant-melbourne (~> 2.0.3)
    yard (0.8.5.2)
    yard-spellcheck (0.1.5)
      ffi-hunspell (~> 0.2)
      yard (~> 0.6)
    yardstick (0.9.5)
      backports (~> 3.0, >= 3.0.3)
      yard (~> 0.8.5)

PLATFORMS
  ruby

DEPENDENCIES
  abstract_type!
  adamantium!
  aequitas!
  anima!
  axiom-do-adapter!
  backports (~> 3.1, >= 3.1.1)
  concord!
  coveralls (~> 0.6.2)
  devtools!
  dm-mapper!
  do_postgres
  ducktrap!
  equalizer!
  flay (~> 2.1.0)
  flog (~> 3.2.2)
  guard (~> 1.6.2)
  guard-bundler (~> 1.0.0)
  guard-rspec (~> 2.5.1)
  jruby-openssl (~> 0.8.5)
  kramdown (~> 1.0.1)
  libnotify (~> 0.8.0)
  listen (~> 0.7.3)
  multi_json (~> 1.7.3)
  mustache (~> 0.99.4)
  mutant (~> 0.2.20)
  oj (~> 2.0.13)
  pelusa (~> 0.2.2)
  rake (~> 10.0.3)
  rb-fchange (~> 0.0.6)
  rb-fsevent (~> 0.9.3)
  rb-inotify (~> 0.9.0)
  rb-notifu (~> 0.0.4)
  rbench (~> 0.2.3)
  reek (~> 1.3.1)!
  rspec (~> 2.13.0)
  simplecov (~> 0.7.1)
  sinatra (~> 1.4.2)
  substation!
  terminal-notifier-guard (~> 1.5.3)
  thin
  yard (~> 0.8.5.2)
  yard-spellcheck (~> 0.1.5)
  yardstick (~> 0.9.5)
